PATH
  remote: ../minirails
  specs:
    minirails (0.1.0)
      rack
      rspec (~> 3.0)

GEM
  remote: https://rubygems.org/
  specs:
    diff-lcs (1.5.0)
    rack (2.2.3)
    rspec (3.11.0)
      rspec-core (~> 3.11.0)
      rspec-expectations (~> 3.11.0)
      rspec-mocks (~> 3.11.0)
    rspec-core (3.11.0)
      rspec-support (~> 3.11.0)
    rspec-expectations (3.11.0)
      diff-lcs (>= 1.2.0, < 2.0)
      rspec-support (~> 3.11.0)
    rspec-mocks (3.11.1)
      diff-lcs (>= 1.2.0, < 2.0)
      rspec-support (~> 3.11.0)
    rspec-support (3.11.0)

PLATFORMS
  x86_64-darwin-21

DEPENDENCIES
  minirails!

BUNDLED WITH
   2.2.31
